GEM
  remote: https://rubygems.org/
  specs:
    gosu (1.4.6)
    ocran (1.3.16)

PLATFORMS
  x64-mingw-ucrt

DEPENDENCIES
  gosu (~> 1.4.6)
  ocran (~> 1.3.16)

RUBY VERSION
   ruby 3.2.4p170

BUNDLED WITH
   2.5.20
